GIT
  remote: git://github.com/libgit2/rugged.git
  revision: a3eba2692de13542bb5c69147e397264f0b4f206
  submodules: true
  specs:
    rugged (0.25.0b8)

GEM
  specs:
    diff-lcs (1.2.5)
    docker-api (1.31.0)
      excon (>= 0.38.0)
      json
    excon (0.52.0)
    fileutils (0.7)
      rmagick (>= 2.13.1)
    json (1.8.3)
    logger (1.2.8)
    logger-colors (1.0.0)
    rake (11.2.2)
    rmagick (2.16.0)
    rspec (3.5.0)
      rspec-core (~> 3.5.0)
      rspec-expectations (~> 3.5.0)
      rspec-mocks (~> 3.5.0)
    rspec-core (3.5.3)
      rspec-support (~> 3.5.0)
    rspec-expectations (3.5.0)
      diff-lcs (>= 1.2.0, < 2.0)
      rspec-support (~> 3.5.0)
    rspec-mocks (3.5.0)
      diff-lcs (>= 1.2.0, < 2.0)
      rspec-support (~> 3.5.0)
    rspec-support (3.5.0)

PLATFORMS
  ruby

DEPENDENCIES
  bundler
  docker-api
  fileutils
  logger
  logger-colors
  rake
  rspec
  rugged!

BUNDLED WITH
   1.13.0
